PATH
  remote: .
  specs:
    data_table (0.1.0.dev1)

GEM
  remote: http://rubygems.org/
  specs:
    actionmailer (0.6.1)
      actionpack (>= 0.9.5)
    actionpack (1.4.0)
    activerecord (1.6.0)
    activesupport (3.0.7)
    diff-lcs (1.1.2)
    i18n (0.6.0)
    nokogiri (1.4.4)
    rack (1.3.0)
    rack-test (0.6.0)
      rack (>= 1.0)
    rails (0.9.5)
      actionmailer (>= 0.6.1)
      actionpack (>= 1.4.0)
      activerecord (>= 1.6.0)
      rake (>= 0.4.15)
    rake (0.9.0)
    rdoc (3.6.1)
    rspec (2.6.0)
      rspec-core (~> 2.6.0)
      rspec-expectations (~> 2.6.0)
      rspec-mocks (~> 2.6.0)
    rspec-core (2.6.3)
    rspec-expectations (2.6.0)
      diff-lcs (~> 1.1.2)
    rspec-mocks (2.6.0)
    webrat (0.7.3)
      nokogiri (>= 1.2.0)
      rack (>= 1.0)
      rack-test (>= 0.5.3)

PLATFORMS
  ruby

DEPENDENCIES
  activesupport
  data_table!
  i18n
  rails
  rake
  rdoc
  rspec
  webrat
